PATH
  remote: .
  specs:
    epp-client (2.1.0)
      libxml-ruby

GEM
  remote: https://rubygems.org/
  specs:
    activesupport (7.0.3)
      concurrent-ruby (~> 1.0, >= 1.0.2)
      i18n (>= 1.6, < 2)
      minitest (>= 5.1)
      tzinfo (~> 2.0)
    concurrent-ruby (1.1.10)
    i18n (1.10.0)
      concurrent-ruby (~> 1.0)
    libxml-ruby (2.7.0)
    metaclass (0.0.1)
    minitest (5.16.0)
    mocha (0.14.0)
      metaclass (~> 0.0.1)
    multi_json (1.15.0)
    rake (10.1.0)
    redcarpet (3.0.0)
    shoulda (3.5.0)
      shoulda-context (~> 1.0, >= 1.0.1)
      shoulda-matchers (>= 1.4.1, < 3.0)
    shoulda-context (1.1.5)
    shoulda-matchers (2.8.0)
      activesupport (>= 3.0.0)
    simplecov (0.7.1)
      multi_json (~> 1.0)
      simplecov-html (~> 0.7.1)
    simplecov-html (0.7.1)
    tzinfo (2.0.4)
      concurrent-ruby (~> 1.0)
    yard (0.8.7)

PLATFORMS
  ruby

DEPENDENCIES
  epp-client!
  mocha
  rake
  redcarpet
  shoulda
  simplecov
  yard
